PATH
  remote: .
  specs:
    marketwatch-client (0.0.1)

GEM
  remote: https://rubygems.org/
  specs:
    httpclient (2.3.4.1)
    mini_portile (0.5.2)
    nokogiri (1.6.1)
      mini_portile (~> 0.5.0)
    rake (10.1.1)

PLATFORMS
  ruby

DEPENDENCIES
  bundler (~> 1.3)
  httpclient
  marketwatch-client!
  nokogiri
  rake
